GEM
  remote: https://rubygems.org/
  specs:
    byebug (12.0.0)

PLATFORMS
  ruby
  x86_64-darwin-22

DEPENDENCIES
  byebug

BUNDLED WITH
   2.6.5
